PATH
  remote: .
  specs:
    go_lang_qr_code (1.0.0)
      ffi (~> 1.13)

GEM
  remote: http://rubygems.org/
  specs:
    ffi (1.15.1)

PLATFORMS
  ruby

DEPENDENCIES
  go_lang_qr_code!

BUNDLED WITH
   1.17.3
